PATH
  remote: .
  specs:
    active_campaign (0.1.4)
      openssl
      uri

GEM
  remote: https://rubygems.org/
  specs:
    openssl (3.3.2)
    rake (13.3.0)
    uri (1.0.4)

PLATFORMS
  arm64-darwin-21
  x86_64-darwin-21

DEPENDENCIES
  active_campaign!
  rake (~> 13.0)

BUNDLED WITH
   2.4.10
