PATH
  remote: .
  specs:
    active_campaign (0.1.0)
      openssl
      uri

GEM
  remote: https://rubygems.org/
  specs:
    activesupport (7.0.4)
      concurrent-ruby (~> 1.0, >= 1.0.2)
      i18n (>= 1.6, < 2)
      minitest (>= 5.1)
      tzinfo (~> 2.0)
    concurrent-ruby (1.1.10)
    diff-lcs (1.3)
    docile (1.4.0)
    i18n (1.12.0)
      concurrent-ruby (~> 1.0)
    ipaddr (1.2.2)
    minitest (5.16.3)
    openssl (2.1.3)
      ipaddr
    rake (13.0.6)
    rspec (3.8.0)
      rspec-core (~> 3.8.0)
      rspec-expectations (~> 3.8.0)
      rspec-mocks (~> 3.8.0)
    rspec-core (3.8.2)
      rspec-support (~> 3.8.0)
    rspec-expectations (3.8.4)
      diff-lcs (>= 1.2.0, < 2.0)
      rspec-support (~> 3.8.0)
    rspec-mocks (3.8.1)
      diff-lcs (>= 1.2.0, < 2.0)
      rspec-support (~> 3.8.0)
    rspec-support (3.8.2)
    simplecov (0.21.2)
      docile (~> 1.1)
      simplecov-html (~> 0.11)
      simplecov_json_formatter (~> 0.1)
    simplecov-html (0.12.3)
    simplecov_json_formatter (0.1.4)
    tzinfo (2.0.5)
      concurrent-ruby (~> 1.0)
    uri (0.10.0)

PLATFORMS
  arm64-darwin-21

DEPENDENCIES
  active_campaign!
  activesupport
  rake (~> 13.0)
  rspec
  simplecov

BUNDLED WITH
   2.3.22
